{
	"Modality": "MR",
	"MagneticFieldStrength": 3,
	"ImagingFrequency": 127.757,
	"Manufacturer": "GE",
	"ManufacturersModelName": "SIGNA_Premier",
	"InstitutionName": "Erasmus_medisch_centrum",
	"BodyPartExamined": "BODY",
	"PatientPosition": "HFS",
	"SoftwareVersions": "28_LX_MR_Software_release:RX28.0_R05_2035.a",
	"MRAcquisitionType": "2D",
	"SeriesDescription": "Ax_Mph_fMRI_Resting_TR_2.5_HyperBand",
	"ProtocolName": "Ax_Mph_fMRI_Resting_TR_2.5_HyperBand",
	"ScanningSequence": "EP_GR",
	"SequenceVariant": "SS",
	"ScanOptions": "EDR_GEMS_MP_GEMS_EPI_GEMS_HYPERBAND_GEMS_ACC_GEMS_PFF",
	"ImageType": ["ORIGINAL", "PRIMARY", "OTHER"],
	"SeriesNumber": 6,
	"AcquisitionTime": "18:37:49.000000",
	"AcquisitionNumber": 1,
	"TriggerDelayTime": 759875,
	"SliceThickness": 2,
	"SpacingBetweenSlices": 2.3,
	"SAR": 0.0724088,
	"EchoTime": 0.0196,
	"RepetitionTime": 2.5,
	"FlipAngle": 60,
	"CoilString": "48HAP",
	"PercentPhaseFOV": 100,
	"PercentSampling": 100,
	"AcquisitionMatrixPE": 128,
	"ReconMatrixPE": 128,
	"PixelBandwidth": 3906.25,
	"PhaseEncodingAxis": "j",
	"SliceTiming": [
		0,
		1.25,
		0.063,
		1.313,
		0.125,
		1.375,
		0.188,
		1.438,
		0.25,
		1.5,
		0.313,
		1.563,
		0.375,
		1.625,
		0.438,
		1.688,
		0.5,
		1.75,
		0.563,
		1.813,
		0.625,
		1.875,
		0.688,
		1.938,
		0.75,
		2,
		0.813,
		2.063,
		0.875,
		2.125,
		0.938,
		2.188,
		1,
		2.25,
		1.063,
		2.313,
		1.125,
		2.438,
		1.188,
		2.375,
		0,
		1.25,
		0.063,
		1.313,
		0.125,
		1.375,
		0.188,
		1.438,
		0.25,
		1.5,
		0.313,
		1.563,
		0.375,
		1.625,
		0.438,
		1.688,
		0.5,
		1.75,
		0.563,
		1.813,
		0.625,
		1.875,
		0.688,
		1.938,
		0.75,
		2,
		0.813,
		2.063,
		0.875,
		2.125,
		0.938,
		2.188,
		1,
		2.25,
		1.063,
		2.313,
		1.125,
		2.438,
		1.188,
		2.375	],
	"ImageOrientationPatientDICOM": [
		1,
		-0,
		0,
		-0,
		1,
		0	],
	"InPlanePhaseEncodingDirectionDICOM": "COL",
	"ConversionSoftware": "dcm2niix",
	"ConversionSoftwareVersion": "v1.0.20200331"
}
